GIT
  remote: https://github.com/DreamArtsOkinawa/ruboty-ec2.git
  revision: ed2ae6ee852ef685f8a5face518e3c55e55e4adb
  specs:
    ruboty-ec2 (0.9.6)
      addressable
      aws-sdk (~> 2.0.0)
      ruboty

GIT
  remote: https://github.com/DreamArtsOkinawa/ruboty-inc.git
  revision: 2933731b71b39e691e2b110fe57030479b1939bb
  specs:
    ruboty-inc (0.3.5)
      addressable
      ruboty

GIT
  remote: https://github.com/DreamArtsOkinawa/ruboty-sdb.git
  revision: 51f18c3ac46e9ef992c45e7aa250a7e28b258d90
  specs:
    ruboty-sdb (0.1.5)
      addressable
      ruboty

GIT
  remote: https://github.com/DreamArtsOkinawa/ruboty-teams.git
  revision: 4c0cd7159840a77f92aacedfa46ca12b1b026a82
  branch: km-dev
  specs:
    ruboty-teams (0.1.4)
      dotenv
      htmlentities
      ruboty
      sanitize
      timers
      webrick

GEM
  remote: https://rubygems.org/
  specs:
    activesupport (6.0.2.1)
      concurrent-ruby (~> 1.0, >= 1.0.2)
      i18n (>= 0.7, < 2)
      minitest (~> 5.1)
      tzinfo (~> 1.1)
      zeitwerk (~> 2.2)
    addressable (2.7.0)
      public_suffix (>= 2.0.2, < 5.0)
    aws-sdk (2.0.48)
      aws-sdk-resources (= 2.0.48)
    aws-sdk-core (2.0.48)
      builder (~> 3.0)
      jmespath (~> 1.0)
      multi_json (~> 1.0)
    aws-sdk-resources (2.0.48)
      aws-sdk-core (= 2.0.48)
    builder (3.2.4)
    chrono (0.4.0)
      activesupport
    concurrent-ruby (1.1.5)
    crass (1.0.6)
    dotenv (2.7.5)
    faraday (0.17.3)
      multipart-post (>= 1.2, < 3)
    faraday_middleware (0.13.1)
      faraday (>= 0.7.4, < 1.0)
    htmlentities (4.3.4)
    i18n (1.8.2)
      concurrent-ruby (~> 1.0)
    jmespath (1.4.0)
    mem (0.1.5)
    mini_portile2 (2.4.0)
    minitest (5.14.0)
    multi_json (1.14.1)
    multipart-post (2.1.1)
    nokogiri (1.10.7)
      mini_portile2 (~> 2.4.0)
    nokogumbo (2.0.2)
      nokogiri (~> 1.8, >= 1.8.4)
    public_suffix (4.0.3)
    rake (13.0.1)
    redis (4.1.3)
    redis-namespace (1.7.0)
      redis (>= 3.0.4)
    ruboty (1.3.0)
      activesupport
      bundler
      dotenv
      mem
      slop
    ruboty-alias (0.0.8)
      ruboty (>= 1.1.1)
    ruboty-cron (1.1.0)
      activesupport
      chrono
      ruboty (>= 0.2.0)
    ruboty-echo (0.1.1)
      ruboty
    ruboty-google_image (0.1.1)
      faraday
      faraday_middleware
      ruboty
    ruboty-redis (0.0.6)
      redis
      redis-namespace
      ruboty
    ruboty-redis-info (0.0.1)
      ruboty
      ruboty-redis
    sanitize (5.1.0)
      crass (~> 1.0.2)
      nokogiri (>= 1.8.0)
      nokogumbo (~> 2.0)
    slop (4.7.0)
    thread_safe (0.3.6)
    timers (4.3.0)
    tzinfo (1.2.6)
      thread_safe (~> 0.1)
    webrick (1.6.0)
    zeitwerk (2.2.2)

PLATFORMS
  ruby

DEPENDENCIES
  dotenv
  rake
  ruboty-alias
  ruboty-cron
  ruboty-ec2 (= 0.9.6)!
  ruboty-echo
  ruboty-google_image
  ruboty-inc (= 0.3.5)!
  ruboty-redis
  ruboty-redis-info
  ruboty-sdb (= 0.1.5)!
  ruboty-teams!
  timers

RUBY VERSION
   ruby 2.6.5p114

BUNDLED WITH
   2.1.2
