GIT
  remote: https://github.com/DreamArtsOkinawa/ruboty-cww.git
  revision: e86d27a3de53dc5da32d8ee403a4f8772b92f0c4
  specs:
    ruboty-cww (0.8.10)
      ruboty (>= 1.0.4)

GIT
  remote: https://github.com/DreamArtsOkinawa/ruboty-ec2.git
  revision: db882fd2714062d92fa51775dbab46e4fdf6a420
  specs:
    ruboty-ec2 (0.8.4)
      addressable
      aws-sdk (~> 2.0.0)
      ruboty

GIT
  remote: https://github.com/DreamArtsOkinawa/ruboty-inc.git
  revision: 2933731b71b39e691e2b110fe57030479b1939bb
  specs:
    ruboty-inc (0.3.5)
      addressable
      ruboty

GIT
  remote: https://github.com/DreamArtsOkinawa/ruboty-sdb.git
  revision: 51f18c3ac46e9ef992c45e7aa250a7e28b258d90
  specs:
    ruboty-sdb (0.1.5)
      addressable
      ruboty

GEM
  remote: https://rubygems.org/
  specs:
    activesupport (5.0.2)
      concurrent-ruby (~> 1.0, >= 1.0.2)
      i18n (~> 0.7)
      minitest (~> 5.1)
      tzinfo (~> 1.1)
    addressable (2.5.1)
      public_suffix (~> 2.0, >= 2.0.2)
    aws-sdk (2.0.48)
      aws-sdk-resources (= 2.0.48)
    aws-sdk-core (2.0.48)
      builder (~> 3.0)
      jmespath (~> 1.0)
      multi_json (~> 1.0)
    aws-sdk-resources (2.0.48)
      aws-sdk-core (= 2.0.48)
    builder (3.2.3)
    chrono (0.3.0)
      activesupport
    concurrent-ruby (1.0.5)
    dotenv (2.2.0)
    faraday (0.12.0.1)
      multipart-post (>= 1.2, < 3)
    faraday_middleware (0.11.0.1)
      faraday (>= 0.7.4, < 1.0)
    i18n (0.8.1)
    jmespath (1.3.1)
    mem (0.1.5)
    minitest (5.10.1)
    multi_json (1.12.1)
    multipart-post (2.0.0)
    public_suffix (2.0.5)
    rake (12.0.0)
    redis (3.3.3)
    redis-namespace (1.5.3)
      redis (~> 3.0, >= 3.0.4)
    ruboty (1.3.0)
      activesupport
      bundler
      dotenv
      mem
      slop
    ruboty-alias (0.0.8)
      ruboty (>= 1.1.1)
    ruboty-cron (1.1.0)
      activesupport
      chrono
      ruboty (>= 0.2.0)
    ruboty-echo (0.1.0)
      ruboty
    ruboty-google_image (0.1.0)
      faraday
      faraday_middleware
      ruboty
    ruboty-redis (0.0.6)
      redis
      redis-namespace
      ruboty
    ruboty-redis-info (0.0.1)
      ruboty
      ruboty-redis
    slop (4.4.1)
    thread_safe (0.3.6)
    tzinfo (1.2.3)
      thread_safe (~> 0.1)

PLATFORMS
  ruby

DEPENDENCIES
  rake
  ruboty-alias
  ruboty-cron
  ruboty-cww (= 0.8.10)!
  ruboty-ec2 (= 0.8.4)!
  ruboty-echo
  ruboty-google_image
  ruboty-inc (= 0.3.5)!
  ruboty-redis
  ruboty-redis-info
  ruboty-sdb (= 0.1.5)!

RUBY VERSION
   ruby 2.4.2p198

BUNDLED WITH
   1.15.4
