GIT
  remote: https://github.com/DreamArtsOkinawa/ruboty-ec2.git
  revision: 476a1611562537f5522e4bd1a0f70f86c372eea1
  specs:
    ruboty-ec2 (0.8.0)
      addressable
      aws-sdk (~> 2.0.0)
      ruboty

GIT
  remote: https://github.com/DreamArtsOkinawa/ruboty-inc.git
  revision: 2933731b71b39e691e2b110fe57030479b1939bb
  specs:
    ruboty-inc (0.3.5)
      addressable
      ruboty

GIT
  remote: https://github.com/DreamArtsOkinawa/ruboty-sdb.git
  revision: 12432d47ed884e38005e35cfc174dbeee62057b0
  specs:
    ruboty-sdb (0.1.4)
      addressable
      ruboty

GEM
  remote: https://rubygems.org/
  specs:
    activesupport (4.2.5)
      i18n (~> 0.7)
      json (~> 1.7, >= 1.7.7)
      minitest (~> 5.1)
      thread_safe (~> 0.3, >= 0.3.4)
      tzinfo (~> 1.1)
    addressable (2.5.0)
      public_suffix (~> 2.0, >= 2.0.2)
    aws-sdk (2.0.48)
      aws-sdk-resources (= 2.0.48)
    aws-sdk-core (2.0.48)
      builder (~> 3.0)
      jmespath (~> 1.0)
      multi_json (~> 1.0)
    aws-sdk-resources (2.0.48)
      aws-sdk-core (= 2.0.48)
    builder (3.2.2)
    chrono (0.3.0)
      activesupport
    dotenv (2.1.0)
    faraday (0.9.2)
      multipart-post (>= 1.2, < 3)
    faraday_middleware (0.10.0)
      faraday (>= 0.7.4, < 0.10)
    i18n (0.7.0)
    jmespath (1.3.1)
    json (1.8.3)
    mem (0.1.5)
    minitest (5.8.4)
    multi_json (1.12.1)
    multipart-post (2.0.0)
    public_suffix (2.0.4)
    rake (10.5.0)
    redis (3.2.2)
    redis-namespace (1.5.2)
      redis (~> 3.0, >= 3.0.4)
    ruboty (1.2.2)
      activesupport
      bundler
      dotenv
      mem
      slop
    ruboty-alias (0.0.8)
      ruboty (>= 1.1.1)
    ruboty-cron (1.1.0)
      activesupport
      chrono
      ruboty (>= 0.2.0)
    ruboty-echo (0.1.0)
      ruboty
    ruboty-google_image (0.1.0)
      faraday
      faraday_middleware
      ruboty
    ruboty-redis (0.0.6)
      redis
      redis-namespace
      ruboty
    ruboty-redis-info (0.0.1)
      ruboty
      ruboty-redis
    ruboty-slack (0.1.12)
      ruboty (>= 1.0.4)
      xrc (>= 0.1.8)
    slop (4.2.1)
    thread_safe (0.3.5)
    tzinfo (1.2.2)
      thread_safe (~> 0.1)
    xrc (0.1.8)
      activesupport

PLATFORMS
  ruby

DEPENDENCIES
  rake
  ruboty-alias
  ruboty-cron
  ruboty-ec2 (= 0.8.0)!
  ruboty-echo
  ruboty-google_image
  ruboty-inc (= 0.3.5)!
  ruboty-redis
  ruboty-redis-info
  ruboty-sdb (= 0.1.4)!
  ruboty-slack

BUNDLED WITH
   1.13.6
